GEM
  remote: http://rubygems.org/
  specs:
    awesome_print (1.2.0)
    builder (3.2.2)
    colored (1.2)
    cucumber (1.3.17)
      builder (>= 2.1.2)
      diff-lcs (>= 1.1.3)
      gherkin (~> 2.12)
      multi_json (>= 1.7.5, < 2.0)
      multi_test (>= 0.1.1)
    diff-lcs (1.2.5)
    gherkin (2.12.2)
      multi_json (~> 1.3)
    httparty (0.13.1)
      json (~> 1.8)
      multi_xml (>= 0.5.2)
    json (1.8.2)
    log4r (1.1.10)
    multi_json (1.10.1)
    multi_test (0.1.1)
    multi_xml (0.5.5)

PLATFORMS
  ruby

DEPENDENCIES
  awesome_print
  colored
  cucumber
  httparty
  json
  log4r
