GEM
  remote: https://rubygems.org/
  specs:
    awesome_print (1.2.0)
    builder (3.2.2)
    colored (1.2)
    cucumber (1.1.9)
      builder (>= 2.1.2)
      diff-lcs (>= 1.1.2)
      gherkin (~> 2.9.0)
      json (>= 1.4.6)
      term-ansicolor (>= 1.0.6)
    diff-lcs (1.2.5)
    gherkin (2.9.3)
      json (>= 1.4.6)
    httparty (0.11.0)
      multi_json (~> 1.0)
      multi_xml (>= 0.5.2)
    json (1.8.2)
    log4r (1.1.10)
    multi_json (1.11.0)
    multi_xml (0.5.5)
    redcarpet (2.3.0)
    term-ansicolor (1.3.0)
      tins (~> 1.0)
    tins (1.5.1)

PLATFORMS
  ruby

DEPENDENCIES
  awesome_print
  colored
  cucumber (= 1.1.9)
  httparty (~> 0.11.0)
  json
  log4r
  redcarpet (= 2.3.0)
