GEM
  remote: https://rubygems.org/
  specs:
    awesome_print (1.6.1)
    builder (3.2.2)
    colored (1.2)
    cucumber (2.0.2)
      builder (>= 2.1.2)
      cucumber-core (~> 1.2.0)
      diff-lcs (>= 1.1.3)
      gherkin (~> 2.12)
      multi_json (>= 1.7.5, < 2.0)
      multi_test (>= 0.1.2)
    cucumber-core (1.2.0)
      gherkin (~> 2.12.0)
    diff-lcs (1.2.5)
    gherkin (2.12.2)
      multi_json (~> 1.3)
    httparty (0.13.5)
      json (~> 1.8)
      multi_xml (>= 0.5.2)
    json (1.8.3)
    log4r (1.1.10)
    multi_json (1.11.2)
    multi_test (0.1.2)
    multi_xml (0.5.5)
    redcarpet (3.3.2)

PLATFORMS
  ruby

DEPENDENCIES
  awesome_print (= 1.6.1)
  builder (= 3.2.2)
  colored (= 1.2)
  cucumber (= 2.0.2)
  cucumber-core (= 1.2.0)
  diff-lcs (= 1.2.5)
  gherkin (= 2.12.2)
  httparty (= 0.13.5)
  json (= 1.8.3)
  log4r (= 1.1.10)
  multi_json (= 1.11.2)
  multi_test (= 0.1.2)
  multi_xml (= 0.5.5)
  redcarpet (= 3.3.2)
